GEM
  remote: http://ruby.taobao.org/
  specs:
    Ascii85 (1.0.2)
    afm (0.2.0)
    algorithms (0.6.1)
    hashery (2.1.1)
    pdf-reader (1.3.3)
      Ascii85 (~> 1.0.0)
      afm (~> 0.2.0)
      hashery (~> 2.0)
      ruby-rc4
      ttfunk
    polaris (1.1.2)
      algorithms
    redis (3.0.7)
    ruby-rc4 (0.1.5)
    ttfunk (1.1.1)

PLATFORMS
  ruby
  x86-mingw32

DEPENDENCIES
  pdf-reader
  polaris
  redis
